GEM
  remote: https://rubygems.org/
  specs:
    httparty (0.16.2)
      multi_xml (>= 0.5.2)
    mini_portile2 (2.4.0)
    multi_xml (0.6.0)
    nokogiri (1.10.8)
      mini_portile2 (~> 2.4.0)
    onelogin (1.2.1)
      httparty (>= 0.13.7)
      nokogiri (>= 1.6.3.1)

PLATFORMS
  ruby

DEPENDENCIES
  onelogin

BUNDLED WITH
   1.16.0.pre.3
